GIT
  remote: https://github.com/mayday77-77/rbnd-Survivr1.git
  revision: 4b271db63e3d855723ac0ab807e7729c65d93b84
  specs:
    colorizr (0.0.2)

GEM
  remote: https://rubygems.org/
  specs:

PLATFORMS
  x64-mingw32

DEPENDENCIES
  colorizr (= 0.0.2)!

BUNDLED WITH
   1.11.2
